GEM
  remote: https://rubygems.org/
  specs:
    rake (10.4.2)
    xcjobs (0.2.1)
    xcpretty (0.1.12)

PLATFORMS
  ruby

DEPENDENCIES
  rake
  xcjobs
  xcpretty

BUNDLED WITH
   1.10.6
